PATH
  remote: .
  specs:
    librato-metrics-memcached (0.0.0)
      librato-metrics (~> 0.5.0)
      memcached (~> 1.4.1)
      trollop (~> 1.16.2)
      yajl-ruby (~> 1.1.0)

GEM
  remote: http://rubygems.org/
  specs:
    addressable (2.2.7)
    faraday (0.7.6)
      addressable (~> 2.2)
      multipart-post (~> 1.1)
      rack (~> 1.1)
    git (1.2.5)
    jeweler (1.8.3)
      bundler (~> 1.0)
      git (>= 1.2.5)
      rake
      rdoc
    json (1.6.6)
    librato-metrics (0.5.0)
      faraday (~> 0.7.6)
      multi_json
    memcached (1.4.1)
    multi_json (1.3.2)
    multipart-post (1.1.5)
    rack (1.4.1)
    rake (0.9.2.2)
    rdoc (3.12)
      json (~> 1.4)
    shoulda (3.0.1)
      shoulda-context (~> 1.0.0)
      shoulda-matchers (~> 1.0.0)
    shoulda-context (1.0.0)
    shoulda-matchers (1.0.0)
    trollop (1.16.2)
    yajl-ruby (1.1.0)

PLATFORMS
  ruby

DEPENDENCIES
  jeweler (~> 1.8.3)
  librato-metrics-memcached!
  rdoc (~> 3.12)
  shoulda
